GIT
  remote: git://github.com/scoop/autotask_api.git
  revision: 12e2cd55712e962f90e9095354be7a87748a68fd
  specs:
    autotask_api (0.0.7)
      activesupport
      savon (~> 2.0)

GEM
  remote: https://rubygems.org/
  specs:
    activemodel (3.2.13)
      activesupport (= 3.2.13)
      builder (~> 3.0.0)
    activeresource (3.2.13)
      activemodel (= 3.2.13)
      activesupport (= 3.2.13)
    activesupport (3.2.13)
      i18n (= 0.6.1)
      multi_json (~> 1.0)
    akami (1.2.0)
      gyoku (>= 0.4.0)
      nokogiri (>= 1.4.0)
    backports (3.3.0)
    builder (3.0.4)
    eventmachine (1.0.3)
    faraday (0.8.7)
      multipart-post (~> 1.1)
    faraday_middleware (0.9.0)
      faraday (>= 0.7.4, < 0.9)
    gyoku (1.1.0)
      builder (>= 2.1.2)
    haml (4.0.2)
      tilt
    hashie (2.0.5)
    highrise (3.0.5)
      activeresource (~> 3.0)
    httpi (2.1.0)
      rack
      rubyntlm (~> 0.3.2)
    i18n (0.6.1)
    inflection (1.0.0)
    json (1.7.7)
    mime-types (1.23)
    multi_json (1.7.3)
    multipart-post (1.2.0)
    nokogiri (1.5.10)
    nori (2.3.0)
    rack (1.5.2)
    rack-protection (1.5.0)
      rack
    rack-test (0.6.2)
      rack (>= 1.0)
    rubyntlm (0.3.4)
    savon (2.3.0)
      akami (~> 1.2.0)
      builder (>= 2.1.2)
      gyoku (~> 1.1.0)
      httpi (~> 2.1.0)
      nokogiri (>= 1.4.0, < 1.6)
      nori (~> 2.3.0)
      wasabi (~> 3.2.0)
    sinatra (1.4.2)
      rack (~> 1.5, >= 1.5.2)
      rack-protection (~> 1.4)
      tilt (~> 1.3, >= 1.3.4)
    sinatra-contrib (1.4.0)
      backports (>= 2.0)
      eventmachine
      rack-protection
      rack-test
      sinatra (~> 1.4.2)
      tilt (~> 1.3)
    thor (0.18.1)
    tilt (1.4.1)
    wasabi (3.2.0)
      httpi (~> 2.0)
      nokogiri (>= 1.4.0, < 1.6)
    zendesk_api (0.3.5)
      faraday (>= 0.8.0)
      faraday_middleware (>= 0.8.7)
      hashie (>= 1.2)
      inflection
      json
      mime-types
      multipart-post

PLATFORMS
  ruby

DEPENDENCIES
  activesupport
  autotask_api (= 0.0.7)!
  faraday
  haml
  highrise
  json (~> 1.7.7)
  multi_json
  sinatra
  sinatra-contrib
  thor
  zendesk_api
